GEM
  remote: https://rubygems.org/
  specs:
    coderay (1.1.2)
    httparty (0.21.0)
      mini_mime (>= 1.0.0)
      multi_xml (>= 0.5.2)
    method_source (1.0.0)
    mini_mime (1.1.2)
    mini_portile2 (2.4.0)
    multi_xml (0.6.0)
    nokogiri (1.10.9)
      mini_portile2 (~> 2.4.0)
    pry (0.13.1)
      coderay (~> 1.1)
      method_source (~> 1.0)

PLATFORMS
  ruby

DEPENDENCIES
  httparty (~> 0.21.0)
  nokogiri (~> 1.10)
  pry (~> 0.13.1)

BUNDLED WITH
   1.17.3
